GEM
  remote: http://rubygems.org/
  specs:
    json (1.4.6)
    json (1.4.6-java)
    rack (1.2.1)
    rack-test (0.5.6)
      rack (>= 1.0)
    rake (0.8.7)
    rr (1.0.4)
    shoulda (2.11.3)

PLATFORMS
  java
  ruby

DEPENDENCIES
  json
  rack-test
  rake
  rr
  shoulda
